{
  "PowerLineFrequency": 50,
  "SoftwareFilters": {
    "FilterDescription": {
      "Description": "1Hz high pass filter, 50Hz notch filter"
    }
  },
  "EEGPlacementScheme": "10-20",
  "EEGReference": "average",
  "InstitutionAddress": "Tehran, Iran",
  "InstitutionalDepartmentName": "Geriatric Medicine",
  "InstitutionName": "Ziaeian Hospital",
  "TaskName": "40HzAuditoryEntrainment",
  "RecordingType": "continuous",
  "RecordingDuration": 590,
  "SamplingFrequency": 250
}